GEM
  remote: http://rubygems.org/
  specs:
    actionpack (4.0.2)
      activesupport (= 4.0.2)
      builder (~> 3.1.0)
      erubis (~> 2.7.0)
      rack (~> 1.5.2)
      rack-test (~> 0.6.2)
    activesupport (4.0.2)
      i18n (~> 0.6, >= 0.6.4)
      minitest (~> 4.2)
      multi_json (~> 1.3)
      thread_safe (~> 0.1)
      tzinfo (~> 0.3.37)
    appraisal (0.5.2)
      bundler
      rake
    atomic (1.1.14)
    builder (3.1.4)
    celluloid (0.15.2)
      timers (~> 1.1.0)
    coderay (1.1.0)
    colored (1.2)
    diff-lcs (1.2.5)
    docile (1.1.1)
    erubis (2.7.0)
    ffi (1.9.3)
    formatador (0.2.4)
    guard (2.2.4)
      formatador (>= 0.2.4)
      listen (~> 2.1)
      lumberjack (~> 1.0)
      pry (>= 0.9.12)
      thor (>= 0.18.1)
    guard-rspec (4.2.0)
      guard (>= 2.1.1)
      rspec (>= 2.14, < 4.0)
    i18n (0.6.9)
    json (1.8.1)
    listen (2.3.1)
      celluloid (>= 0.15.2)
      rb-fsevent (>= 0.9.3)
      rb-inotify (>= 0.9)
    lumberjack (1.0.4)
    metaclass (0.0.1)
    method_source (0.8.2)
    minitest (4.7.5)
    mocha (0.14.0)
      metaclass (~> 0.0.1)
    multi_json (1.8.2)
    pry (0.9.12.4)
      coderay (~> 1.0)
      method_source (~> 0.8)
      slop (~> 3.4)
    rack (1.5.2)
    rack-test (0.6.2)
      rack (>= 1.0)
    railties (4.0.2)
      actionpack (= 4.0.2)
      activesupport (= 4.0.2)
      rake (>= 0.8.7)
      thor (>= 0.18.1, < 2.0)
    rake (10.1.0)
    rb-fsevent (0.9.3)
    rb-inotify (0.9.2)
      ffi (>= 0.5.0)
    rdoc (4.0.1)
      json (~> 1.4)
    rspec (2.14.1)
      rspec-core (~> 2.14.0)
      rspec-expectations (~> 2.14.0)
      rspec-mocks (~> 2.14.0)
    rspec-core (2.14.7)
    rspec-expectations (2.14.4)
      diff-lcs (>= 1.1.3, < 2.0)
    rspec-mocks (2.14.4)
    rspec-rails (2.14.0)
      actionpack (>= 3.0)
      activesupport (>= 3.0)
      railties (>= 3.0)
      rspec-core (~> 2.14.0)
      rspec-expectations (~> 2.14.0)
      rspec-mocks (~> 2.14.0)
    shoulda (3.5.0)
      shoulda-context (~> 1.0, >= 1.0.1)
      shoulda-matchers (>= 1.4.1, < 3.0)
    shoulda-context (1.1.6)
    shoulda-matchers (2.4.0)
      activesupport (>= 3.0.0)
    simplecov (0.8.2)
      docile (~> 1.1.0)
      multi_json
      simplecov-html (~> 0.8.0)
    simplecov-html (0.8.0)
    simplecov-rcov (0.2.3)
      simplecov (>= 0.4.1)
    simplecov-summary (0.0.4)
      colored
      simplecov
    slop (3.4.7)
    thor (0.18.1)
    thread_safe (0.1.3)
      atomic
    timers (1.1.0)
    tzinfo (0.3.38)

PLATFORMS
  ruby

DEPENDENCIES
  appraisal
  bundler
  guard
  guard-rspec
  mocha
  rake
  rb-fsevent
  rdoc
  rspec
  rspec-mocks
  rspec-rails
  shoulda
  simplecov
  simplecov-rcov
  simplecov-summary
